GEM
  remote: https://rubygems.org/
  specs:
    simple-random (1.0.3)
    stop_watch (1.0.0)

PLATFORMS
  ruby

DEPENDENCIES
  simple-random (~> 1.0)
  stop_watch (~> 1.0)

BUNDLED WITH
   2.1.4
